PATH
  remote: .
  specs:
    swd (0.0.1)
      activesupport (>= 3)
      attr_required (>= 0.0.3)
      httpclient (>= 2.2.1)
      i18n
      json (>= 1.4.3)

GEM
  remote: http://rubygems.org/
  specs:
    activesupport (3.0.10)
    addressable (2.2.6)
    attr_required (0.0.3)
    crack (0.1.8)
    diff-lcs (1.1.2)
    httpclient (2.2.1)
    i18n (0.6.0)
    json (1.5.3)
    rake (0.9.2)
    rcov (0.9.10)
    rspec (2.6.0)
      rspec-core (~> 2.6.0)
      rspec-expectations (~> 2.6.0)
      rspec-mocks (~> 2.6.0)
    rspec-core (2.6.4)
    rspec-expectations (2.6.0)
      diff-lcs (~> 1.1.2)
    rspec-mocks (2.6.0)
    webmock (1.7.4)
      addressable (> 2.2.5, ~> 2.2)
      crack (>= 0.1.7)

PLATFORMS
  ruby

DEPENDENCIES
  rake (>= 0.8)
  rcov (>= 0.9)
  rspec (>= 2)
  swd!
  webmock (>= 1.6.2)
